PATH
  remote: .
  specs:
    use-case (0.1.0)

GEM
  remote: https://rubygems.org/
  specs:
    ast (2.4.2)
    erubi (1.13.0)
    language_server-protocol (3.17.0.3)
    logger (1.6.0)
    minitest (5.24.1)
    netrc (0.11.0)
    parallel (1.25.1)
    parser (3.3.4.0)
      ast (~> 2.4.1)
      racc
    prism (0.30.0)
    racc (1.8.1)
    rake (13.2.1)
    rbi (0.1.14)
      prism (>= 0.18.0, < 1.0.0)
      sorbet-runtime (>= 0.5.9204)
    rbs (3.5.2)
      logger
    rubocop-ast (1.31.3)
      parser (>= 3.3.1.0)
    ruby-lsp (0.17.11)
      language_server-protocol (~> 3.17.0)
      prism (>= 0.29.0, < 0.31)
      rbs (>= 3, < 4)
      sorbet-runtime (>= 0.5.10782)
    sorbet (0.5.11504)
      sorbet-static (= 0.5.11504)
    sorbet-runtime (0.5.11504)
    sorbet-static (0.5.11504-x86_64-linux)
    sorbet-static-and-runtime (0.5.11504)
      sorbet (= 0.5.11504)
      sorbet-runtime (= 0.5.11504)
    spoom (1.4.2)
      erubi (>= 1.10.0)
      prism (>= 0.28.0)
      sorbet-static-and-runtime (>= 0.5.10187)
      thor (>= 0.19.2)
    tapioca (0.15.1)
      bundler (>= 2.2.25)
      netrc (>= 0.11.0)
      parallel (>= 1.21.0)
      rbi (>= 0.1.4, < 0.2)
      sorbet-static-and-runtime (>= 0.5.11087)
      spoom (>= 1.2.0)
      thor (>= 1.2.0)
      yard-sorbet
    thor (1.3.1)
    yard (0.9.36)
    yard-sorbet (0.9.0)
      sorbet-runtime
      yard

PLATFORMS
  x86_64-linux

DEPENDENCIES
  minitest
  rake
  rubocop-ast
  ruby-lsp
  sorbet
  sorbet-runtime
  tapioca
  use-case!

RUBY VERSION
   ruby 3.3.4p94

BUNDLED WITH
   2.5.11
