PATH
  remote: .
  specs:
    use-case (0.1.0)

GEM
  remote: https://rubygems.org/
  specs:
    ast (2.4.3)
    benchmark (0.4.0)
    erubi (1.13.1)
    language_server-protocol (3.17.0.5)
    logger (1.7.0)
    minitest (5.25.5)
    netrc (0.11.0)
    parallel (1.27.0)
    parser (3.3.8.0)
      ast (~> 2.4.1)
      racc
    prism (1.4.0)
    racc (1.8.1)
    rake (13.2.1)
    rbi (0.3.3)
      prism (~> 1.0)
      rbs (>= 3.4.4)
      sorbet-runtime (>= 0.5.9204)
    rbs (4.0.0.dev.4)
      logger
      prism (>= 1.3.0)
    require-hooks (0.2.2)
    rexml (3.4.1)
    rubocop-ast (1.44.1)
      parser (>= 3.3.7.2)
      prism (~> 1.4)
    ruby-lsp (0.23.21)
      language_server-protocol (~> 3.17.0)
      prism (>= 1.2, < 2.0)
      rbs (>= 3, < 4)
      sorbet-runtime (>= 0.5.10782)
    sorbet (0.5.12123)
      sorbet-static (= 0.5.12123)
    sorbet-runtime (0.5.12123)
    sorbet-static (0.5.12123-x86_64-linux)
    sorbet-static-and-runtime (0.5.12123)
      sorbet (= 0.5.12123)
      sorbet-runtime (= 0.5.12123)
    spoom (1.7.0)
      erubi (>= 1.10.0)
      prism (>= 0.28.0)
      rbi (>= 0.3.3)
      rbs (>= 4.0.0.dev.4)
      rexml (>= 3.2.6)
      sorbet-static-and-runtime (>= 0.5.10187)
      thor (>= 0.19.2)
    tapioca (0.17.0)
      benchmark
      bundler (>= 2.2.25)
      netrc (>= 0.11.0)
      parallel (>= 1.21.0)
      rbi (>= 0.3.1)
      require-hooks (>= 0.2.2)
      sorbet-static-and-runtime (>= 0.5.11087)
      spoom (>= 1.7.0)
      thor (>= 1.2.0)
      yard-sorbet
    thor (1.3.2)
    yard (0.9.37)
    yard-sorbet (0.9.0)
      sorbet-runtime
      yard

PLATFORMS
  x86_64-linux

DEPENDENCIES
  minitest
  rake
  rubocop-ast
  ruby-lsp
  sorbet
  sorbet-runtime
  tapioca
  use-case!

RUBY VERSION
   ruby 3.4.3p32

BUNDLED WITH
   2.6.7
