PATH
  remote: .
  specs:
    use-case (0.1.0)

GEM
  remote: https://rubygems.org/
  specs:
    activejob (8.0.2.1)
      activesupport (= 8.0.2.1)
      globalid (>= 0.3.6)
    activemodel (8.0.2.1)
      activesupport (= 8.0.2.1)
    activerecord (8.0.2.1)
      activemodel (= 8.0.2.1)
      activesupport (= 8.0.2.1)
      timeout (>= 0.4.0)
    activesupport (8.0.2.1)
      base64
      benchmark (>= 0.3)
      bigdecimal
      concurrent-ruby (~> 1.0, >= 1.3.1)
      connection_pool (>= 2.2.5)
      drb
      i18n (>= 1.6, < 2)
      logger (>= 1.4.2)
      minitest (>= 5.1)
      securerandom (>= 0.3)
      tzinfo (~> 2.0, >= 2.0.5)
      uri (>= 0.13.1)
    base64 (0.3.0)
    benchmark (0.4.1)
    bigdecimal (3.2.3)
    concurrent-ruby (1.3.5)
    connection_pool (2.5.4)
    drb (2.2.3)
    erubi (1.13.1)
    globalid (1.2.1)
      activesupport (>= 6.1)
    i18n (1.14.7)
      concurrent-ruby (~> 1.0)
    language_server-protocol (3.17.0.5)
    logger (1.7.0)
    minitest (5.25.5)
    netrc (0.11.0)
    parallel (1.27.0)
    prism (1.4.0)
    rake (13.3.0)
    rbi (0.3.6)
      prism (~> 1.0)
      rbs (>= 3.4.4)
    rbs (4.0.0.dev.4)
      logger
      prism (>= 1.3.0)
    require-hooks (0.2.2)
    rexml (3.4.3)
    ruby-lsp (0.26.1)
      language_server-protocol (~> 3.17.0)
      prism (>= 1.2, < 2.0)
      rbs (>= 3, < 5)
    securerandom (0.4.1)
    sorbet (0.6.12501)
      sorbet-static (= 0.6.12501)
    sorbet-runtime (0.6.12501)
    sorbet-static (0.6.12501-x86_64-linux)
    sorbet-static-and-runtime (0.6.12501)
      sorbet (= 0.6.12501)
      sorbet-runtime (= 0.6.12501)
    spoom (1.7.6)
      erubi (>= 1.10.0)
      prism (>= 0.28.0)
      rbi (>= 0.3.3)
      rbs (>= 4.0.0.dev.4)
      rexml (>= 3.2.6)
      sorbet-static-and-runtime (>= 0.5.10187)
      thor (>= 0.19.2)
    tapioca (0.17.7)
      benchmark
      bundler (>= 2.2.25)
      netrc (>= 0.11.0)
      parallel (>= 1.21.0)
      rbi (>= 0.3.1)
      require-hooks (>= 0.2.2)
      sorbet-static-and-runtime (>= 0.5.11087)
      spoom (>= 1.7.0)
      thor (>= 1.2.0)
      yard-sorbet
    thor (1.4.0)
    timeout (0.4.3)
    tzinfo (2.0.6)
      concurrent-ruby (~> 1.0)
    uri (1.0.3)
    yard (0.9.37)
    yard-sorbet (0.9.0)
      sorbet-runtime
      yard

PLATFORMS
  x86_64-linux

DEPENDENCIES
  activejob
  activerecord
  activesupport
  minitest
  rake
  ruby-lsp
  sorbet
  sorbet-runtime
  tapioca
  use-case!

RUBY VERSION
   ruby 3.4.5p51

BUNDLED WITH
   2.6.9
